NUGET
  remote: https://nuget.org/api/v2
  specs:
    FAKE (3.34.6)
    FSharp.Compiler.Service (0.0.89)
    FSharp.Core (3.1.2.1)
    FSharp.Formatting (2.9.6)
      FSharp.Compiler.Service (>= 0.0.87)
      FSharpVSPowerTools.Core (1.8.0)
    FSharpVSPowerTools.Core (1.8.0)
      FSharp.Compiler.Service (>= 0.0.87)
    ILRepack (1.26.0)
    Microsoft.Bcl (1.1.10)
      Microsoft.Bcl.Build (>= 1.0.14)
    Microsoft.Bcl.Build (1.0.21)
    Microsoft.Net.Http (2.2.29)
      Microsoft.Bcl (>= 1.1.10)
      Microsoft.Bcl.Build (>= 1.0.14)
    Newtonsoft.Json (6.0.8)
    NUnit (2.6.4)
    NUnit.Runners (2.6.4)
    Octokit (0.12.0)
      Microsoft.Net.Http
    UnionArgParser (0.8.7)
GITHUB
  remote: forki/FsUnit
  specs:
    FsUnit.fs (81d27fd09575a32c4ed52eadb2eeac5f365b8348)
  remote: fsharp/FAKE
  specs:
    modules/Octokit/Octokit.fsx (3b94085dde8f945057fd1f94312f3d64d54cfbdf)
      Octokit
    src/app/FakeLib/Globbing/Globbing.fs (3b94085dde8f945057fd1f94312f3d64d54cfbdf)
  remote: fsprojects/Chessie
  specs:
    src/Chessie/ErrorHandling.fs (c7b1d53cfa7bfdd662b0611d024ea8b807315bbe)